PATH
  remote: .
  specs:
    wp2middleman (0.0.1)
      html2markdown
      nokogiri
      thor
      upmark

GEM
  remote: https://rubygems.org/
  specs:
    blankslate (2.1.2.4)
    coderay (1.1.0)
    diff-lcs (1.2.5)
    docile (1.1.1)
    html2markdown (0.0.3)
      nokogiri
    method_source (0.8.2)
    mini_portile (0.5.2)
    multi_json (1.8.2)
    nokogiri (1.6.0)
      mini_portile (~> 0.5.0)
    parslet (1.5.0)
      blankslate (~> 2.0)
    pry (0.9.12.4)
      coderay (~> 1.0)
      method_source (~> 0.8)
      slop (~> 3.4)
    rake (10.1.0)
    rspec (2.14.1)
      rspec-core (~> 2.14.0)
      rspec-expectations (~> 2.14.0)
      rspec-mocks (~> 2.14.0)
    rspec-core (2.14.7)
    rspec-expectations (2.14.4)
      diff-lcs (>= 1.1.3, < 2.0)
    rspec-mocks (2.14.4)
    simplecov (0.8.2)
      docile (~> 1.1.0)
      multi_json
      simplecov-html (~> 0.8.0)
    simplecov-html (0.8.0)
    slop (3.4.7)
    thor (0.18.1)
    upmark (0.1.4)
      parslet

PLATFORMS
  ruby

DEPENDENCIES
  bundler (~> 1.3)
  pry
  rake
  rspec
  simplecov
  wp2middleman!
